GIT
  remote: https://github.com/fcheung/dependabot-example-dep.git
  revision: 7924b840d6143a148c492b20de56257571b36191
  specs:
    dependabot-example-dep (0.1.0)
      sorbet-runtime

GIT
  remote: https://github.com/puma/puma.git
  revision: c2f73304655711219fed45fd083963174735a734
  specs:
    puma (6.3.1)
      nio4r (~> 2.0)

GEM
  remote: https://rubygems.org/
  specs:
    addressable (2.8.5)
      public_suffix (>= 2.0.2, < 6.0)
    ast (2.4.2)
    capybara (3.39.1)
      addressable
      matrix
      mini_mime (>= 0.1.3)
      nokogiri (~> 1.8)
      rack (>= 1.6.0)
      rack-test (>= 0.6.3)
      regexp_parser (>= 1.5, < 3.0)
      xpath (~> 3.2)
    diff-lcs (1.5.0)
    erubi (1.12.0)
    matrix (0.4.2)
    mini_mime (1.1.2)
    netrc (0.11.0)
    nio4r (2.5.9)
    nokogiri (1.15.3-x86_64-darwin)
      racc (~> 1.4)
    nokogiri (1.15.3-x86_64-linux)
      racc (~> 1.4)
    parallel (1.23.0)
    parser (3.2.2.3)
      ast (~> 2.4.1)
      racc
    prettier_print (1.2.1)
    public_suffix (5.0.3)
    racc (1.7.1)
    rack (3.0.8)
    rack-test (2.1.0)
      rack (>= 1.3)
    rbi (0.0.17)
      ast
      parser (>= 3.0.0)
      sorbet-runtime (>= 0.5.9204)
      unparser (>= 0.5.6)
    regexp_parser (2.8.1)
    sorbet (0.5.10929)
      sorbet-static (= 0.5.10929)
    sorbet-runtime (0.5.10929)
    sorbet-static (0.5.10929-universal-darwin-22)
    sorbet-static (0.5.10929-x86_64-linux)
    sorbet-static-and-runtime (0.5.10929)
      sorbet (= 0.5.10929)
      sorbet-runtime (= 0.5.10929)
    spoom (1.2.2)
      erubi (>= 1.10.0)
      sorbet (>= 0.5.10187)
      sorbet-runtime (>= 0.5.9204)
      syntax_tree (>= 6.1.1)
      thor (>= 0.19.2)
    syntax_tree (6.1.1)
      prettier_print (>= 1.2.0)
    tapioca (0.11.8)
      bundler (>= 2.2.25)
      netrc (>= 0.11.0)
      parallel (>= 1.21.0)
      rbi (~> 0.0.0, >= 0.0.16)
      sorbet-static-and-runtime (>= 0.5.10187)
      spoom (~> 1.2.0, >= 1.2.0)
      thor (>= 1.2.0)
      yard-sorbet
    thor (1.2.2)
    unparser (0.6.8)
      diff-lcs (~> 1.3)
      parser (>= 3.2.0)
    xpath (3.2.0)
      nokogiri (~> 1.8)
    yard (0.9.34)
    yard-sorbet (0.8.1)
      sorbet-runtime (>= 0.5)
      yard (>= 0.9)

PLATFORMS
  x86_64-darwin-22
  x86_64-linux

DEPENDENCIES
  capybara
  dependabot-example-dep!
  puma!
  sorbet-runtime
  sorbet-static
  tapioca (> 0.10)

BUNDLED WITH
   2.4.10
