GIT
  remote: https://github.com/fcheung/dependabot-example-dep.git
  revision: 7924b840d6143a148c492b20de56257571b36191
  specs:
    dependabot-example-dep (0.1.0)
      sorbet-runtime

GIT
  remote: https://github.com/puma/puma.git
  revision: db060253336f9d4eca08cd3abc306c1576345d5f
  specs:
    puma (6.3.0)
      nio4r (~> 2.0)

GEM
  remote: https://rubygems.org/
  specs:
    addressable (2.8.5)
      public_suffix (>= 2.0.2, < 6.0)
    capybara (3.39.1)
      addressable
      matrix
      mini_mime (>= 0.1.3)
      nokogiri (~> 1.8)
      rack (>= 1.6.0)
      rack-test (>= 0.6.3)
      regexp_parser (>= 1.5, < 3.0)
      xpath (~> 3.2)
    matrix (0.4.2)
    mini_mime (1.1.2)
    nio4r (2.5.9)
    nokogiri (1.15.3-x86_64-darwin)
      racc (~> 1.4)
    nokogiri (1.15.3-x86_64-linux)
      racc (~> 1.4)
    public_suffix (5.0.3)
    racc (1.7.1)
    rack (3.0.8)
    rack-test (2.1.0)
      rack (>= 1.3)
    regexp_parser (2.8.1)
    sorbet (0.5.10929)
      sorbet-static (= 0.5.10929)
    sorbet-runtime (0.5.10946)
    sorbet-static (0.5.10929-universal-darwin-22)
    sorbet-static (0.5.10929-x86_64-linux)
    xpath (3.2.0)
      nokogiri (~> 1.8)

PLATFORMS
  x86_64-darwin-22
  x86_64-linux

DEPENDENCIES
  capybara
  dependabot-example-dep!
  puma!
  sorbet
  sorbet-runtime

BUNDLED WITH
   2.4.10
